GEM
  remote: https://rubygems.org/
  specs:
    RedCloth (4.2.9)
    activesupport (4.1.4)
      i18n (~> 0.6, >= 0.6.9)
      json (~> 1.7, >= 1.7.7)
      minitest (~> 5.1)
      thread_safe (~> 0.1)
      tzinfo (~> 1.1)
    blankslate (2.1.2.4)
    celluloid (0.15.2)
      timers (~> 1.1.0)
    classifier (1.3.4)
      fast-stemmer (>= 1.0.0)
    coffee-script (2.3.0)
      coffee-script-source
      execjs
    coffee-script-source (1.7.1)
    colorator (0.1)
    colored (1.2)
    configure-s3-website (1.6.0)
      deep_merge (= 1.0.0)
    deep_merge (1.0.0)
    dotenv (0.11.1)
      dotenv-deployment (~> 0.0.2)
    dotenv-deployment (0.0.2)
    execjs (2.2.1)
    fast-stemmer (1.0.2)
    ffi (1.9.3)
    gemoji (2.1.0)
    github-pages (22)
      RedCloth (= 4.2.9)
      jekyll (= 2.2.0)
      jekyll-coffeescript (= 1.0.0)
      jekyll-mentions (= 0.1.3)
      jekyll-redirect-from (= 0.4.0)
      jekyll-sass-converter (= 1.2.0)
      jekyll-sitemap (= 0.5.1)
      jemoji (= 0.3.0)
      kramdown (= 1.3.1)
      liquid (= 2.6.1)
      maruku (= 0.7.0)
      pygments.rb (= 0.6.0)
      rdiscount (= 2.1.7)
      redcarpet (= 3.1.2)
    hike (1.2.3)
    html-pipeline (1.9.0)
      activesupport (>= 2)
      nokogiri (~> 1.4)
    i18n (0.6.11)
    jekyll (2.2.0)
      classifier (~> 1.3)
      colorator (~> 0.1)
      jekyll-coffeescript (~> 1.0)
      jekyll-gist (~> 1.0)
      jekyll-paginate (~> 1.0)
      jekyll-sass-converter (~> 1.0)
      jekyll-watch (~> 1.0)
      kramdown (~> 1.3)
      liquid (~> 2.6.1)
      mercenary (~> 0.3.3)
      pygments.rb (~> 0.6.0)
      redcarpet (~> 3.1)
      safe_yaml (~> 1.0)
      toml (~> 0.1.0)
    jekyll-assets (0.9.1)
      jekyll (>= 1.0.0, < 3.0.0)
      sass (~> 3.2)
      sprockets (~> 2.10)
      sprockets-helpers
      sprockets-sass
    jekyll-coffeescript (1.0.0)
      coffee-script (~> 2.2)
    jekyll-contentblocks (0.0.2)
      jekyll
    jekyll-gist (1.1.0)
    jekyll-mentions (0.1.3)
      html-pipeline (~> 1.9.0)
      jekyll (~> 2.0)
    jekyll-paginate (1.0.0)
    jekyll-redirect-from (0.4.0)
      jekyll (~> 2.0)
    jekyll-sass-converter (1.2.0)
      sass (~> 3.2)
    jekyll-sitemap (0.5.1)
    jekyll-watch (1.0.0)
      listen (~> 2.7)
    jemoji (0.3.0)
      gemoji (~> 2.0)
      html-pipeline (~> 1.9)
      jekyll (~> 2.0)
    json (2.3.1)
    kramdown (1.3.1)
    liquid (2.6.1)
    listen (2.7.9)
      celluloid (>= 0.15.2)
      rb-fsevent (>= 0.9.3)
      rb-inotify (>= 0.9)
    maruku (0.7.0)
    mercenary (0.3.4)
    mini_portile (0.6.0)
    minitest (5.4.0)
    multi_json (1.9.2)
    nokogiri (1.10.9)
      mini_portile (= 0.6.0)
    parslet (1.5.0)
      blankslate (~> 2.0)
    posix-spawn (0.3.9)
    pygments.rb (1.2.1)
      posix-spawn (~> 0.3.6)
      yajl-ruby (~> 1.2.0)
    rack (1.5.2)
    rb-fsevent (0.9.4)
    rb-inotify (0.9.5)
      ffi (>= 0.5.0)
    rdiscount (2.1.7)
    redcarpet (3.1.2)
    s3_website (2.3.0)
      colored (= 1.2)
      configure-s3-website (= 1.6.0)
      dotenv (~> 0.11.1)
      thor (= 0.18.1)
    safe_yaml (1.0.4)
    sass (3.3.14)
    sprockets (2.12.1)
      hike (~> 1.2)
      multi_json (>= 1.0.0)
      rack (~> 1.0)
      tilt (~> 1.1, != 1.3.0)
    sprockets-helpers (1.1.0)
      sprockets (~> 2.0)
    sprockets-sass (1.1.0)
      sprockets (~> 2.0)
      tilt (~> 1.1)
    thor (0.18.1)
    thread_safe (0.3.4)
    tilt (1.4.1)
    timers (1.1.0)
    toml (0.1.1)
      parslet (~> 1.5.0)
    tzinfo (1.2.2)
      thread_safe (~> 0.1)
    yajl-ruby (1.4.1)

PLATFORMS
  ruby

DEPENDENCIES
  github-pages
  jekyll
  jekyll-assets
  jekyll-contentblocks
  jekyll-redirect-from
  json
  s3_website
